PATH
  remote: .
  specs:
    sensu-plugins-influxdb-extension (0.1.0)
      em-http-request (~> 1.1.2)
      sensu-em (~> 2.4.0)
      sensu-extension (~> 1.0.0)

GEM
  remote: https://rubygems.org/
  specs:
    addressable (2.4.0)
    cookiejar (0.3.0)
    em-http-request (1.1.3)
      addressable (>= 2.3.4)
      cookiejar (<= 0.3.0)
      em-socksify (>= 0.3)
      eventmachine (>= 1.0.3)
      http_parser.rb (>= 0.6.0)
    em-socksify (0.3.1)
      eventmachine (>= 1.0.0.beta.4)
    eventmachine (1.0.9.1)
    http_parser.rb (0.6.0)
    rake (10.3.2)
    sensu-em (2.4.1)
    sensu-extension (1.0.0)
      sensu-em

PLATFORMS
  ruby

DEPENDENCIES
  bundler (~> 1.8)
  rake (~> 10.0)
  sensu-plugins-influxdb-extension!
